PATH
  remote: .
  specs:
    dimples (4.0.5)
      tilt (~> 2.0)
      trollop (~> 2.1)

GEM
  remote: https://rubygems.org/
  specs:
    codeclimate-test-reporter (1.0.7)
      simplecov
    docile (1.1.5)
    erubis (2.7.0)
    json (2.1.0)
    little-fixtures (0.0.1)
    minitest (5.10.3)
    rake (10.5.0)
    redcarpet (3.4.0)
    simplecov (0.15.1)
      docile (~> 1.1.0)
      json (>= 1.8, < 3)
      simplecov-html (~> 0.10.0)
    simplecov-html (0.10.2)
    tilt (2.0.8)
    timecop (0.9.1)
    trollop (2.1.2)

PLATFORMS
  ruby

DEPENDENCIES
  codeclimate-test-reporter (~> 1.0, >= 1.0.0)
  dimples!
  erubis (~> 2.7)
  little-fixtures (~> 0.0.1)
  minitest (~> 5.8)
  rake (~> 10.0)
  redcarpet (~> 3.3)
  simplecov (~> 0.14)
  timecop (~> 0.9.1)

RUBY VERSION
   ruby 2.4.2p198

BUNDLED WITH
   1.15.4
